GEM
  remote: https://rubygems.org/
  specs:
    minitest (5.10.1)
    rake (12.0.0)

PLATFORMS
  ruby

DEPENDENCIES
  minitest (~> 5)
  rake

BUNDLED WITH
   1.13.7
