PATH
  remote: .
  specs:
    i18n (0.6.10)

GEM
  remote: https://rubygems.org/
  specs:
    metaclass (0.0.4)
    mocha (1.0.0)
      metaclass (~> 0.0.1)
    rake (10.3.1)
    test_declarative (0.0.5)

PLATFORMS
  java
  ruby

DEPENDENCIES
  i18n!
  mocha
  rake
  test_declarative
